{
  "AcquisitionMatrixPE": 64,
  "AcquisitionNumber": 1,
  "AcquisitionTime": "15:13:58.130000",
  "BaseResolution": 64,
  "BodyPartExamined": "BRAIN",
  "CoilString": "HEA;HEP;NEP",
  "ConsistencyInfo": "N4_VE11P_LATEST_20161021",
  "ConversionSoftware": "dcm2niix",
  "ConversionSoftwareVersion": "v1.0.20190410  GCC6.3.0",
  "DeviceSerialNumber": "51066",
  "DwellTime": 3e-05,
  "EchoNumber": 1,
  "EchoTime": 0.00519,
  "FlipAngle": 60,
  "ImageOrientationPatientDICOM": [
    0.99863,
    0.052336,
    0,
    -0.052336,
    0.99863,
    0
  ],
  "ImageType": [
    "ORIGINAL",
    "PRIMARY",
    "M",
    "ND",
    "NORM"
  ],
  "ImagingFrequency": 123.239,
  "InPlanePhaseEncodingDirectionDICOM": "ROW",
  "InstitutionAddress": "Blackburn_Road_770_Clayton_Victoria_AU_3168",
  "InstitutionName": "MONASH_BIOMEDICAL_IMAGING",
  "InstitutionalDepartmentName": "Department",
  "MRAcquisitionType": "2D",
  "MagneticFieldStrength": 3,
  "Manufacturer": "Siemens",
  "ManufacturersModelName": "Biograph_mMR",
  "Modality": "MR",
  "PartialFourier": 1,
  "PatientPosition": "HFS",
  "PercentPhaseFOV": 100,
  "PhaseEncodingDirection": "i",
  "PhaseEncodingSteps": 64,
  "PhaseResolution": 1,
  "PixelBandwidth": 260,
  "ProcedureStepDescription": "MR-PET_Scan",
  "ProtocolName": "gre_field_mapping",
  "PulseSequenceDetails": "%SiemensSeq%_gre_field_mapping",
  "ReceiveCoilName": "HeadNeck_MRPET",
  "ReconMatrixPE": 64,
  "RepetitionTime": 0.488,
  "SAR": 0.138433,
  "ScanningSequence": "GR",
  "SequenceName": "_fm2d2r",
  "SequenceVariant": "SP",
  "SeriesDescription": "gre_field_mapping",
  "SeriesNumber": 11,
  "ShimSetting": [
    -8363,
    -950,
    -4048,
    622,
    -245,
    77,
    -316,
    -80
  ],
  "SliceThickness": 3,
  "SoftwareVersions": "syngo_MR_E11",
  "SpacingBetweenSlices": 3,
  "StationName": "MRC51066",
  "TxRefAmp": 290.136
}