{
  "AcquisitionMatrixPE": 64,
  "AcquisitionNumber": 1,
  "AcquisitionTime": "12:59:26.357500",
  "BandwidthPerPixelPhaseEncode": 60.096,
  "BodyPartExamined": "BRAIN",
  "CoilString": "HeadNeck_MRPET",
  "ConversionSoftware": "dcm2niix",
  "ConversionSoftwareVersion": "v1.0.20190410  GCC6.3.0",
  "DerivedVendorReportedEchoSpacing": 0.000520001,
  "DeviceSerialNumber": "51066",
  "EchoTime": 0.03,
  "EchoTrainLength": 31,
  "EffectiveEchoSpacing": 0.000260001,
  "FlipAngle": 90,
  "ImageOrientationPatientDICOM": [0.999936, -0.00160349, -0.0111626, 4.14974e-08, 0.98984, -0.142186],
  "ImageType": [
    "ORIGINAL",
    "PRIMARY",
    "M",
    "ND",
    "NORM",
    "MOSAIC"
],
  "ImagingFrequency": 123.239,
  "InPlanePhaseEncodingDirectionDICOM": "COL",
  "InstitutionAddress": "Blackburn_Road_770_Clayton_Victoria_AU_3168",
  "InstitutionName": "Monash_Biomedical_Imaging",
  "MRAcquisitionType": "2D",
  "MagneticFieldStrength": 3,
  "Manufacturer": "Siemens",
  "ManufacturersModelName": "Biograph_mMR",
  "Modality": "MR",
  "ParallelReductionFactorInPlane": 2,
  "PartialFourier": 0.96875,
  "PatientPosition": "HFS",
  "PercentPhaseFOV": 100,
  "PhaseEncodingDirection": "j-",
  "PixelBandwidth": 2300,
  "ProcedureStepDescription": "MR-PET_Scan",
  "ProtocolName": "Head_A-P_Full_checker_ep2D_task_bold_32-32",
  "ReceiveCoilActiveElements": "HEA;HEP",
  "ReconMatrixPE": 64,
  "RepetitionTime": 4,
  "ScanOptions": "FS",
  "ScanningSequence": "EP",
  "SequenceVariant": "SK",
  "SeriesDescription": "Head_A-P_Full_checker_ep2D_task_bold_32-32",
  "SeriesNumber": 18,
  "SliceThickness": 3,
  "SliceTiming": [0.00199, 0.00199, 0.00199, 0.00199, 0.00199, 0.00199, 0.00199, 0.00199, 0.00199, 0.00199, 0.00199, 0.00199, 0.00199, 0.00199, 0.00199, 0.00199, 0.00199, 0.00199, 0.00199, 0.00199, 0.00199, 0.00199, 0.00199, 0.00199, 0.00199, 0.00199, 0.00199, 0.00199, 0.00199, 0.00199, 0.00199, 0.00199, 0.00199, 0.00199, 0.00199, 0.00199, 0.00199, 0.00199, 0.00199, 0.00199, 0.00199, 0.00199, 0.00199, 0.00199],
  "SoftwareVersions": "syngo_MR_E11",
  "SpacingBetweenSlices": 3,
  "StationName": "MRC51066",
  "TaskName": "checkerboard",
  "TotalReadoutTime": 0.01638}