{
  "AcquisitionNumber": 1,
  "AcquisitionTime": "11:08:27.250000",
  "BaseResolution": 384,
  "BodyPartExamined": "BRAIN",
  "ConsistencyInfo": "N4_VE11P_LATEST_20161021",
  "ConversionSoftware": "dcm2niix",
  "ConversionSoftwareVersion": "v1.0.20190410  GCC6.3.0",
  "DeviceSerialNumber": "51066",
  "DwellTime": 1e-06,
  "EchoNumber": 2,
  "EchoTime": 0.00251,
  "EchoTrainLength": 2,
  "FlipAngle": 10,
  "ImageComments": "uMap",
  "ImageOrientationPatientDICOM": [1, 0, 0, 0, 0, -1],
  "ImageType": [
    "DERIVED",
    "PRIMARY",
    "M",
    "NORM",
    "IN",
    "PHASE",
    "DIS3D",
    "DIS2D",
    "MRPET",
    "UMAP3D"
],
  "ImagingFrequency": 123.239,
  "InstitutionAddress": "Blackburn_Road_770_Clayton_Victoria_AU_3168",
  "InstitutionName": "MONASH_BIOMEDICAL_IMAGING",
  "InstitutionalDepartmentName": "Department",
  "MRAcquisitionType": "3D",
  "MagneticFieldStrength": 3,
  "Manufacturer": "Siemens",
  "ManufacturersModelName": "Biograph_mMR",
  "Modality": "MR",
  "PartialFourier": 0.875,
  "PatientPosition": "HFS",
  "PercentPhaseFOV": 53.125,
  "PhaseEncodingSteps": 134,
  "PhaseResolution": 0.75,
  "PixelBandwidth": 1300,
  "ProcedureStepDescription": "MR-PET_Scan",
  "ProtocolName": "MRAC_Brain_HiRes",
  "PulseSequenceDetails": "%SiemensSeq%_fl3d_vibe_AC",
  "RawImage": false,
  "ReceiveCoilActiveElements": "HEA;HEP",
  "ReceiveCoilName": "HeadNeck_MRPET",
  "RepetitionTime": 0.00414,
  "SAR": 0.139202,
  "ScanOptions": "PFP",
  "ScanningSequence": "GR",
  "SequenceName": "_fl3d2",
  "SequenceVariant": "SP",
  "SeriesDescription": "MRAC_Brain_HiRes_in_UMAP",
  "SeriesNumber": 18,
  "ShimSetting": [-8334, -1006, -4002, 383, -421, -541, -611, -394],
  "SliceThickness": 2.02,
  "SoftwareVersions": "syngo_MR_E11",
  "StationName": "MRC51066",
  "TxRefAmp": 292.255,
  "dcmmeta_affine": [
    [2.0862600803375244, 0.0, 0.0, -248.61294555664062],
    [0.0, 2.0199999809265137, 0.0, -111.80580139160156],
    [0.0, 0.0, 2.0862600803375244, -128.47250366210938],
    [0.0, 0.0, 0.0, 1.0]
],
  "dcmmeta_reorient_transform": [
    [0.0, 0.0, -1.0, 125.0],
    [-1.0, 0.0, 0.0, 239.0],
    [0.0, 1.0, 0.0, 0.0],
    [0.0, 0.0, 0.0, 1.0]
],
  "dcmmeta_shape": [240, 132, 126],
  "dcmmeta_slice_dim": 1,
  "dcmmeta_version": 0.6,
  "global": {
    "const": {
      "AcquisitionNumber": 1,
      "AcquisitionTime": "110827.250000",
      "Allergies": "None",
      "AngioFlag": "N",
      "BitsAllocated": 16,
      "BitsStored": 12,
      "BodyPartExamined": "BRAIN",
      "Columns": 240,
      "EchoNumbers": 2,
      "EchoTime": 2.51,
      "EchoTrainLength": 2,
      "FlipAngle": 10.0,
      "HighBit": 11,
      "ImageOrientationPatient": [1.0, 0.0, 0.0, 0.0, 0.0, -1.0],
      "ImageType": [
        "DERIVED",
        "PRIMARY",
        "M",
        "NORM",
        "IN_PHASE",
        "DIS3D",
        "DIS2D",
        "MRPET_UMAP3D"
],
      "ImagedNucleus": "1H",
      "ImagingFrequency": 123.239276,
      "MRAcquisitionType": "3D",
      "MagneticFieldStrength": 3.0,
      "Manufacturer": "SIEMENS",
      "ManufacturerModelName": "Biograph_mMR",
      "MedicalAlerts": "None",
      "Modality": "MR",
      "NumberOfAverages": 1.0,
      "NumberOfPhaseEncodingSteps": 134,
      "PercentPhaseFieldOfView": 53.125,
      "PercentSampling": 75.0,
      "PerformedProcedureStepStartTime": "102529.036000",
      "PhotometricInterpretation": "MONOCHROME2",
      "PixelBandwidth": 1300.0,
      "PixelRepresentation": 0,
      "PixelSpacing": [2.08626, 2.08626],
      "PregnancyStatus": 4,
      "ProtocolName": "MRAC_Brain_HiRes",
      "RelatedSeriesSequence": [
        {
          "PurposeOfReferenceCodeSequence": [],
          "SeriesInstanceUID": "1.3.12.2.1107.5.2.38.51066.2018103011093150582513895.0.0.0"},
        {
          "PurposeOfReferenceCodeSequence": [],
          "SeriesInstanceUID": "1.3.12.2.1107.5.2.38.51066.2018103011093149889313859.0.0.0"},
        {
          "PurposeOfReferenceCodeSequence": [],
          "SeriesInstanceUID": "1.3.12.2.1107.5.2.38.51066.2018103011093150695113900.0.0.0"},
        {
          "PurposeOfReferenceCodeSequence": [],
          "SeriesInstanceUID": "1.3.12.2.1107.5.2.38.51066.2018103011093153041813985.0.0.0"}
],
      "RepetitionTime": 4.14,
      "RequestAttributesSequence": [
        {
          "RequestedProcedureID": "MMH004",
          "ScheduledProcedureStepDescription": "MR-PET Scan",
          "ScheduledProcedureStepID": "001"}
],
      "Rows": 126,
      "SAR": 0.13920220951786,
      "SamplesPerPixel": 1,
      "ScanOptions": "PFP",
      "ScanningSequence": "GR",
      "SequenceName": "*fl3d2",
      "SequenceVariant": "SP",
      "SeriesDescription": "MRAC_Brain_HiRes_in_UMAP",
      "SeriesNumber": 18,
      "SeriesTime": "111115.944000",
      "SliceThickness": 2.0199999809265,
      "SmallestImagePixelValue": 0,
      "SoftwareVersions": "syngo MR E11",
      "SpecificCharacterSet": "ISO_IR 100",
      "StudyID": "MMH004",
      "StudyTime": "102528.899000",
      "TransmitCoilName": "Body",
      "VariableFlipAngleFlag": "N",
      "WindowCenter": 900.0,
      "WindowCenterWidthExplanation": "Algo1",
      "WindowWidth": 900.0,
      "dBdt": 0.0},
