{
  "AcquisitionMatrixPE": 192,
  "AcquisitionNumber": 1,
  "AcquisitionTime": "12:21:8.732500",
  "BaseResolution": 192,
  "BodyPartExamined": "BRAIN",
  "ConsistencyInfo": "N4_VE11P_LATEST_20161021",
  "ConversionSoftware": "dcm2niix",
  "ConversionSoftwareVersion": "v1.0.20190410  GCC6.3.0",
  "DeviceSerialNumber": "51066",
  "DwellTime": 2.4e-06,
  "EchoNumber": 2,
  "EchoTime": 0.00246,
  "EchoTrainLength": 2,
  "FlipAngle": 10,
  "ImageComments": "uMap",
  "ImageOrientationPatientDICOM": [1, 0, 0, 0, 1, 0],
  "ImageType": [
    "DERIVED",
    "PRIMARY",
    "M",
    "NORM",
    "DIS3D",
    "DIS2D",
    "MRPET",
    "UMAP3D"
],
  "ImagingFrequency": 123.239,
  "InPlanePhaseEncodingDirectionDICOM": "COL",
  "InstitutionAddress": "Blackburn_Road_770_Clayton_Victoria_AU_3168",
  "InstitutionName": "MONASH_BIOMEDICAL_IMAGING",
  "InstitutionalDepartmentName": "Department",
  "MRAcquisitionType": "3D",
  "MagneticFieldStrength": 3,
  "Manufacturer": "Siemens",
  "ManufacturersModelName": "Biograph_mMR",
  "Modality": "MR",
  "PartialFourier": 1,
  "PatientPosition": "HFS",
  "PercentPhaseFOV": 100,
  "PhaseEncodingSteps": 25002,
  "PhaseResolution": 1,
  "PixelBandwidth": 1085,
  "ProcedureStepDescription": "MR-PET_Scan",
  "ProtocolName": "Head_MRAC_UTE",
  "PulseSequenceDetails": "%SiemensSeq%_ute_AC",
  "RawImage": false,
  "ReceiveCoilActiveElements": "HEA;HEP;NEP",
  "ReceiveCoilName": "HeadNeck_MRPET",
  "ReconMatrixPE": 192,
  "RepetitionTime": 0.00464,
  "SAR": 0.0985974,
  "ScanningSequence": "GR",
  "SequenceName": "_ute3d2_ns",
  "SequenceVariant": "SP",
  "SeriesDescription": "Head_MRAC_UTE_UMAP",
  "SeriesNumber": 24,
  "ShimSetting": [-8320, -953, -4008, 147, -176, -68, -121, -373],
  "SliceThickness": 1.5625,
  "SoftwareVersions": "syngo_MR_E11",
  "StationName": "MRC51066",
  "TxRefAmp": 285.403,
  "dcmmeta_affine": [
    [1.5625, 0.0, 0.0, -148.4375],
    [0.0, 1.5625, 0.0, -148.4375],
    [0.0, 0.0, 1.5625, -149.21875],
    [0.0, 0.0, 0.0, 1.0]
],
  "dcmmeta_reorient_transform": [
    [0.0, -1.0, 0.0, 191.0],
    [-1.0, 0.0, 0.0, 191.0],
    [0.0, 0.0, -1.0, 191.0],
    [0.0, 0.0, 0.0, 1.0]
],
  "dcmmeta_shape": [192, 192, 192],
  "dcmmeta_slice_dim": 2,
  "dcmmeta_version": 0.6,
  "global": {
    "const": {
      "AcquisitionMatrix": [192, 0, 0, 192],
      "AcquisitionNumber": 1,
      "AcquisitionTime": "122108.732500",
      "Allergies": "None",
      "AngioFlag": "N",
      "BitsAllocated": 16,
      "BitsStored": 12,
      "BodyPartExamined": "BRAIN",
      "Columns": 192,
      "EchoNumbers": 2,
      "EchoTime": 2.46,
      "EchoTrainLength": 2,
      "FlipAngle": 10.0,
      "HighBit": 11,
      "ImageOrientationPatient": [1.0, 0.0, 0.0, 0.0, 1.0, 0.0],
      "ImageType": [
        "DERIVED",
        "PRIMARY",
        "M",
        "NORM",
        "DIS3D",
        "DIS2D",
        "MRPET_UMAP3D"
],
      "ImagedNucleus": "1H",
      "ImagingFrequency": 123.2394,
      "InPlanePhaseEncodingDirection": "COL",
      "MRAcquisitionType": "3D",
      "MagneticFieldStrength": 3.0,
      "Manufacturer": "SIEMENS",
      "ManufacturerModelName": "Biograph_mMR",
      "MedicalAlerts": "None",
      "Modality": "MR",
      "NumberOfAverages": 1.0,
      "NumberOfPhaseEncodingSteps": 25002,
      "PercentPhaseFieldOfView": 100.0,
      "PercentSampling": 100.0,
      "PerformedProcedureStepStartTime": "101846.233000",
      "PhotometricInterpretation": "MONOCHROME2",
      "PixelBandwidth": 1085.0,
      "PixelRepresentation": 0,
      "PixelSpacing": [1.5625, 1.5625],
      "PregnancyStatus": 4,
      "ProtocolName": "Head_MRAC_UTE",
      "RelatedSeriesSequence": [
        {
          "PurposeOfReferenceCodeSequence": [],
          "SeriesInstanceUID": "1.3.12.2.1107.5.2.38.51066.2018082812210565403861814.0.0.0"},
        {
          "PurposeOfReferenceCodeSequence": [],
          "SeriesInstanceUID": "1.3.12.2.1107.5.2.38.51066.2018082812210565402661813.0.0.0"}
],
      "RepetitionTime": 4.64,
      "RequestAttributesSequence": [
        {
          "RequestedProcedureID": "MMH004",
          "ScheduledProcedureStepDescription": "MR-PET Scan",
          "ScheduledProcedureStepID": "001"}
],
      "Rows": 192,
      "SAR": 0.09859739101777,
      "SamplesPerPixel": 1,
      "ScanningSequence": "GR",
      "SequenceName": "*ute3d2_ns",
      "SequenceVariant": "SP",
      "SeriesDescription": "Head_MRAC_UTE_UMAP",
      "SeriesNumber": 24,
      "SeriesTime": "122701.715000",
      "SliceThickness": 1.5625,
      "SmallestImagePixelValue": 0,
      "SoftwareVersions": "syngo MR E11",
      "SpecificCharacterSet": "ISO_IR 100",
      "StudyID": "MMH004",
      "StudyTime": "101846.099000",
      "TransmitCoilName": "Body",
      "VariableFlipAngleFlag": "N",
      "WindowCenter": 1000.0,
      "WindowCenterWidthExplanation": "Algo1",
      "WindowWidth": 1000.0,
      "dBdt": 0.0},
