{
  "AcquisitionMatrixPE": 153,
  "AcquisitionNumber": 1,
  "AcquisitionTime": "12:53:27.605000",
  "BaseResolution": 384,
  "BodyPartExamined": "BRAIN",
  "ConsistencyInfo": "N4_VE11P_LATEST_20161021",
  "ConversionSoftware": "dcm2niix",
  "ConversionSoftwareVersion": "v1.0.20190410  GCC6.3.0",
  "DeviceSerialNumber": "51066",
  "DwellTime": 1e-06,
  "EchoTime": 0.00128,
  "EchoTrainLength": 2,
  "FlipAngle": 10,
  "ImageOrientationPatientDICOM": [1, 0, 0, 0, 1, 0],
  "ImageType": [
    "ORIGINAL",
    "PRIMARY",
    "M",
    "NORM",
    "OUT",
    "PHASE",
    "DIS3D",
    "DIS2D"
],
  "ImagingFrequency": 123.239,
  "InPlanePhaseEncodingDirectionDICOM": "COL",
  "InstitutionAddress": "Blackburn_Road_770_Clayton_Victoria_AU_3168",
  "InstitutionName": "Monash_Biomedical_Imaging",
  "InstitutionalDepartmentName": "Department",
  "MRAcquisitionType": "3D",
  "MagneticFieldStrength": 3,
  "Manufacturer": "Siemens",
  "ManufacturersModelName": "Biograph_mMR",
  "Modality": "MR",
  "PartialFourier": 0.875,
  "PatientPosition": "HFS",
  "PercentPhaseFOV": 53.125,
  "PhaseEncodingSteps": 134,
  "PhaseResolution": 0.75,
  "PixelBandwidth": 1300,
  "ProcedureStepDescription": "MR-PET_Scan",
  "ProtocolName": "MRAC_Brain_HiRes",
  "PulseSequenceDetails": "%SiemensSeq%_fl3d_vibe_AC",
  "ReceiveCoilActiveElements": "HEA;HEP",
  "ReceiveCoilName": "HeadNeck_MRPET",
  "ReconMatrixPE": 204,
  "RepetitionTime": 0.00414,
  "SAR": 0.118662,
  "ScanOptions": "PFP",
  "ScanningSequence": "GR",
  "SequenceName": "_fl3d2",
  "SequenceVariant": "SP",
  "SeriesDescription": "MRAC_Brain_HiRes_opp",
  "SeriesNumber": 13,
  "ShimSetting": [-8380, -813, -3981, 107, -341, 351, -130, -110],
  "SliceThickness": 2.02,
  "SoftwareVersions": "syngo_MR_E11",
  "StationName": "MRC51066",
  "TxRefAmp": 290.15,
  "dcmmeta_affine": [
    [1.3020999431610107, 0.0, 0.0, -248.7010955810547],
    [0.0, 1.3020999431610107, 0.0, -111.51210021972656],
    [0.0, 0.0, 2.0199999809265137, -128.26998901367188],
    [0.0, 0.0, 0.0, 1.0]
],
  "dcmmeta_reorient_transform": [
    [0.0, -1.0, 0.0, 203.0],
    [-1.0, 0.0, 0.0, 383.0],
    [0.0, 0.0, -1.0, 127.0],
    [0.0, 0.0, 0.0, 1.0]
],
  "dcmmeta_shape": [384, 204, 128],
  "dcmmeta_slice_dim": 2,
  "dcmmeta_version": 0.6,
  "global": {
    "const": {
      "AcquisitionMatrix": [384, 0, 0, 153],
      "AcquisitionNumber": 1,
      "AcquisitionTime": "125327.605000",
      "Allergies": "None",
      "AngioFlag": "N",
      "BitsAllocated": 16,
      "BitsStored": 12,
      "BodyPartExamined": "BRAIN",
      "Columns": 384,
      "EchoNumbers": 1,
      "EchoTime": 1.28,
      "EchoTrainLength": 2,
      "FlipAngle": 10.0,
      "HighBit": 11,
      "ImageOrientationPatient": [1.0, 0.0, 0.0, 0.0, 1.0, 0.0],
      "ImageType": [
        "ORIGINAL",
        "PRIMARY",
        "M",
        "NORM",
        "OUT_PHASE",
        "DIS3D",
        "DIS2D"
],
      "ImagedNucleus": "1H",
      "ImagingFrequency": 123.239404,
      "InPlanePhaseEncodingDirection": "COL",
      "MRAcquisitionType": "3D",
      "MagneticFieldStrength": 3.0,
      "Manufacturer": "SIEMENS",
      "ManufacturerModelName": "Biograph_mMR",
      "MedicalAlerts": "None",
      "Modality": "MR",
      "NumberOfAverages": 1.0,
      "NumberOfPhaseEncodingSteps": 134,
      "PercentPhaseFieldOfView": 53.125,
      "PercentSampling": 75.0,
      "PerformedProcedureStepStartTime": "122911.579000",
      "PhotometricInterpretation": "MONOCHROME2",
      "PixelBandwidth": 1300.0,
      "PixelRepresentation": 0,
      "PixelSpacing": [1.3021, 1.3021],
      "PregnancyStatus": 4,
      "ProtocolName": "MRAC_Brain_HiRes",
      "RepetitionTime": 4.14,
      "RequestAttributesSequence": [
        {
          "RequestedProcedureID": "MMH004",
          "ScheduledProcedureStepDescription": "MR-PET Scan",
          "ScheduledProcedureStepID": "001"}
],
      "Rows": 204,
      "SAR": 0.11866210542629,
      "SamplesPerPixel": 1,
      "ScanOptions": "PFP",
      "ScanningSequence": "GR",
      "SequenceName": "*fl3d2",
      "SequenceVariant": "SP",
      "SeriesDescription": "MRAC_Brain_HiRes_opp",
      "SeriesNumber": 13,
      "SeriesTime": "125425.378000",
      "SliceThickness": 2.0199999809265,
      "SmallestImagePixelValue": 0,
      "SoftwareVersions": "syngo MR E11",
      "SpecificCharacterSet": "ISO_IR 100",
      "StudyID": "MMH004",
      "StudyTime": "122911.472000",
      "TransmitCoilName": "Body",
      "VariableFlipAngleFlag": "N",
      "WindowCenterWidthExplanation": "Algo1",
      "dBdt": 0.0},
