{
  "AcquisitionMatrixPE": 256,
  "AcquisitionNumber": 1,
  "AcquisitionTime": "10:25:47.860000",
  "BaseResolution": 256,
  "BodyPartExamined": "BRAIN",
  "ConsistencyInfo": "N4_VE11P_LATEST_20161021",
  "ConversionSoftware": "dcm2niix",
  "ConversionSoftwareVersion": "v1.0.20190410  GCC6.3.0",
  "DeviceSerialNumber": "51066",
  "DwellTime": 1.03e-05,
  "EchoTime": 0.00234,
  "FlipAngle": 8,
  "ImageOrientationPatientDICOM": [-0.0104289, 0.999946, 3.80833e-08, 0.0312895, 0.000326372, -0.99951],
  "ImageType": [
    "ORIGINAL",
    "PRIMARY",
    "M",
    "NORM",
    "DIS2D"
],
  "ImagingFrequency": 123.239,
  "InPlanePhaseEncodingDirectionDICOM": "ROW",
  "InstitutionAddress": "Blackburn_Road_770_Clayton_Victoria_AU_3168",
  "InstitutionName": "MONASH_BIOMEDICAL_IMAGING",
  "InstitutionalDepartmentName": "Department",
  "InversionTime": 0.9,
  "MRAcquisitionType": "3D",
  "MagneticFieldStrength": 3,
  "Manufacturer": "Siemens",
  "ManufacturersModelName": "Biograph_mMR",
  "Modality": "MR",
  "PartialFourier": 1,
  "PatientPosition": "HFS",
  "PercentPhaseFOV": 100,
  "PhaseEncodingSteps": 256,
  "PhaseResolution": 1,
  "PixelBandwidth": 190,
  "ProcedureStepDescription": "MR-PET_Scan",
  "ProtocolName": "t1_mprage_sag_1_iso",
  "PulseSequenceDetails": "%SiemensSeq%_tfl",
  "ReceiveCoilActiveElements": "HEA;HEP;NEP",
  "ReceiveCoilName": "HeadNeck_MRPET",
  "ReconMatrixPE": 256,
  "RepetitionTime": 1.64,
  "SAR": 0.0784948,
  "ScanOptions": "IR",
  "ScanningSequence": "GR_IR",
  "SequenceName": "_tfl3d1_16ns",
  "SequenceVariant": "SK_SP_MP",
  "SeriesDescription": "t1_mprage_sag_1_iso",
  "SeriesNumber": 3,
  "ShimSetting": [-8363, -946, -4261, 41, -310, 209, -366, -156],
  "SliceThickness": 1,
  "SoftwareVersions": "syngo_MR_E11",
  "StationName": "MRC51066",
  "TxRefAmp": 285.403,
  "dcmmeta_affine": [
    [0.9994559288024902, -0.010428938083350658, 0.03128950670361519, -92.10968017578125],
    [0.010423830710351467, 0.9999456405639648, 0.00032637215917930007, -107.06853485107422],
    [-0.031291209161281586, -3.8083300069047255e-08, 0.9995102882385254, -127.84603118896484],
    [0.0, 0.0, 0.0, 1.0]
],
  "dcmmeta_reorient_transform": [
    [0.0, 0.0, -1.0, 255.0],
    [0.0, -1.0, 0.0, 255.0],
    [-1.0, 0.0, 0.0, 175.0],
    [0.0, 0.0, 0.0, 1.0]
],
  "dcmmeta_shape": [176, 256, 256],
  "dcmmeta_slice_dim": 0,
  "dcmmeta_version": 0.6,
  "global": {
    "const": {
      "AcquisitionMatrix": [0, 256, 256, 0],
      "AcquisitionNumber": 1,
      "AcquisitionTime": "102547.860000",
      "Allergies": "None",
      "AngioFlag": "N",
      "BitsAllocated": 16,
      "BitsStored": 12,
      "BodyPartExamined": "BRAIN",
      "Columns": 256,
      "EchoNumbers": 1,
      "EchoTime": 2.34,
      "EchoTrainLength": 1,
      "FlipAngle": 8.0,
      "HighBit": 11,
      "ImageOrientationPatient": [-0.0104289385268, 0.99994561714185, 3.8083301e-08, 0.03128950647434, 0.00032637215326, -0.9995103102349],
      "ImageType": [
        "ORIGINAL",
        "PRIMARY",
        "M",
        "NORM",
        "DIS2D"
],
      "ImagedNucleus": "1H",
      "ImagingFrequency": 123.239353,
      "InPlanePhaseEncodingDirection": "ROW",
      "InversionTime": 900.0,
      "MRAcquisitionType": "3D",
      "MagneticFieldStrength": 3.0,
      "Manufacturer": "SIEMENS",
      "ManufacturerModelName": "Biograph_mMR",
      "MedicalAlerts": "None",
      "Modality": "MR",
      "NumberOfAverages": 1.0,
      "NumberOfPhaseEncodingSteps": 256,
      "PercentPhaseFieldOfView": 100.0,
      "PercentSampling": 100.0,
      "PerformedProcedureStepStartTime": "101846.233000",
      "PhotometricInterpretation": "MONOCHROME2",
      "PixelBandwidth": 190.0,
      "PixelRepresentation": 0,
      "PixelSpacing": [1.0, 1.0],
      "PregnancyStatus": 4,
      "ProtocolName": "t1_mprage_sag 1 iso",
      "RepetitionTime": 1640.0,
      "RequestAttributesSequence": [
        {
          "RequestedProcedureID": "MMH004",
          "ScheduledProcedureStepDescription": "MR-PET Scan",
          "ScheduledProcedureStepID": "001"}
],
      "Rows": 256,
      "SAR": 0.07849479945596,
      "SamplesPerPixel": 1,
      "ScanOptions": "IR",
      "ScanningSequence": [
        "GR",
        "IR"
],
      "SequenceName": "*tfl3d1_16ns",
      "SequenceVariant": [
        "SK",
        "SP",
        "MP"
],
      "SeriesDescription": "t1_mprage_sag 1 iso",
      "SeriesNumber": 3,
      "SeriesTime": "103255.953000",
      "SliceThickness": 1.0,
      "SmallestImagePixelValue": 0,
      "SoftwareVersions": "syngo MR E11",
      "SpecificCharacterSet": "ISO_IR 100",
      "StudyID": "MMH004",
      "StudyTime": "101846.099000",
      "TransmitCoilName": "Body",
      "VariableFlipAngleFlag": "N",
      "WindowCenter": 416.0,
      "WindowCenterWidthExplanation": "WINDOW1",
      "WindowWidth": 942.0,
      "dBdt": 0.0},
