{
  "AcquisitionMatrixPE": 256,
  "AcquisitionNumber": 1,
  "AcquisitionTime": "12:31:1.317500",
  "BaseResolution": 256,
  "BodyPartExamined": "BRAIN",
  "ConsistencyInfo": "N4_VE11P_LATEST_20161021",
  "ConversionSoftware": "dcm2niix",
  "ConversionSoftwareVersion": "v1.0.20190410  GCC6.3.0",
  "DeviceSerialNumber": "51066",
  "DwellTime": 1.03e-05,
  "EchoTime": 0.00234,
  "FlipAngle": 8,
  "ImageOrientationPatientDICOM": [0.0784386, 0.996919, 8.34153e-09, 0.00880059, -0.000692431, -0.999961],
  "ImageType": [
    "ORIGINAL",
    "PRIMARY",
    "M",
    "NORM",
    "DIS2D"
],
  "ImagingFrequency": 123.239,
  "InPlanePhaseEncodingDirectionDICOM": "ROW",
  "InstitutionAddress": "Blackburn_Road_770_Clayton_Victoria_AU_3168",
  "InstitutionName": "Monash_Biomedical_Imaging",
  "InstitutionalDepartmentName": "Department",
  "InversionTime": 0.9,
  "MRAcquisitionType": "3D",
  "MagneticFieldStrength": 3,
  "Manufacturer": "Siemens",
  "ManufacturersModelName": "Biograph_mMR",
  "Modality": "MR",
  "PartialFourier": 1,
  "PatientPosition": "HFS",
  "PercentPhaseFOV": 100,
  "PhaseEncodingSteps": 256,
  "PhaseResolution": 1,
  "PixelBandwidth": 190,
  "ProcedureStepDescription": "MR-PET_Scan",
  "ProtocolName": "t1_mprage_sag_1_iso",
  "PulseSequenceDetails": "%SiemensSeq%_tfl",
  "ReceiveCoilActiveElements": "HEA;HEP;NEP",
  "ReceiveCoilName": "HeadNeck_MRPET",
  "ReconMatrixPE": 256,
  "RepetitionTime": 1.64,
  "SAR": 0.0775257,
  "ScanOptions": "IR",
  "ScanningSequence": "GR_IR",
  "SequenceName": "_tfl3d1_16ns",
  "SequenceVariant": "SK_SP_MP",
  "SeriesDescription": "t1_mprage_sag_1_iso",
  "SeriesNumber": 2,
  "ShimSetting": [-8363, -946, -4261, 41, -310, 209, -366, -156],
  "SliceThickness": 1,
  "SoftwareVersions": "syngo_MR_E11",
  "StationName": "MRC51066",
  "TxRefAmp": 290.15,
  "dcmmeta_affine": [
    [0.9968801140785217, 0.0784386396408081, 0.008800587616860867, -102.3444595336914],
    [-0.07843558490276337, 0.9969189167022705, -0.0006924312328919768, -111.99324035644531],
    [-0.008827785961329937, -8.34152569240132e-09, 0.9999610185623169, -145.46826171875],
    [0.0, 0.0, 0.0, 1.0]
],
  "dcmmeta_reorient_transform": [
    [0.0, 0.0, -1.0, 255.0],
    [0.0, -1.0, 0.0, 255.0],
    [-1.0, 0.0, 0.0, 175.0],
    [0.0, 0.0, 0.0, 1.0]
],
  "dcmmeta_shape": [176, 256, 256],
  "dcmmeta_slice_dim": 0,
  "dcmmeta_version": 0.6,
  "global": {
    "const": {
      "AcquisitionMatrix": [0, 256, 256, 0],
      "AcquisitionNumber": 1,
      "AcquisitionTime": "123101.317500",
      "Allergies": "None",
      "AngioFlag": "N",
      "BitsAllocated": 16,
      "BitsStored": 12,
      "BodyPartExamined": "BRAIN",
      "Columns": 256,
      "EchoNumbers": 1,
      "EchoTime": 2.34,
      "EchoTrainLength": 1,
      "FlipAngle": 8.0,
      "HighBit": 11,
      "ImageOrientationPatient": [0.07843863895843, 0.99691894350461, 8.341526e-09, 0.0088005879376, -0.0006924312184, -0.9999610343363],
      "ImageType": [
        "ORIGINAL",
        "PRIMARY",
        "M",
        "NORM",
        "DIS2D"
],
      "ImagedNucleus": "1H",
      "ImagingFrequency": 123.239397,
      "InPlanePhaseEncodingDirection": "ROW",
      "InversionTime": 900.0,
      "MRAcquisitionType": "3D",
      "MagneticFieldStrength": 3.0,
      "Manufacturer": "SIEMENS",
      "ManufacturerModelName": "Biograph_mMR",
      "MedicalAlerts": "None",
      "Modality": "MR",
      "NumberOfAverages": 1.0,
      "NumberOfPhaseEncodingSteps": 256,
      "PercentPhaseFieldOfView": 100.0,
      "PercentSampling": 100.0,
      "PerformedProcedureStepStartTime": "122911.579000",
      "PhotometricInterpretation": "MONOCHROME2",
      "PixelBandwidth": 190.0,
      "PixelRepresentation": 0,
      "PixelSpacing": [1.0, 1.0],
      "PregnancyStatus": 4,
      "ProtocolName": "t1_mprage_sag 1 iso",
      "RepetitionTime": 1640.0,
      "RequestAttributesSequence": [
        {
          "RequestedProcedureID": "MMH004",
          "ScheduledProcedureStepDescription": "MR-PET Scan",
          "ScheduledProcedureStepID": "001"}
],
      "Rows": 256,
      "SAR": 0.07752565596598,
      "SamplesPerPixel": 1,
      "ScanOptions": "IR",
      "ScanningSequence": [
        "GR",
        "IR"
],
      "SequenceName": "*tfl3d1_16ns",
      "SequenceVariant": [
        "SK",
        "SP",
        "MP"
],
      "SeriesDescription": "t1_mprage_sag 1 iso",
      "SeriesNumber": 2,
      "SeriesTime": "123802.655000",
      "SliceThickness": 1.0,
      "SmallestImagePixelValue": 0,
      "SoftwareVersions": "syngo MR E11",
      "SpecificCharacterSet": "ISO_IR 100",
      "StudyID": "MMH004",
      "StudyTime": "122911.472000",
      "TransmitCoilName": "Body",
      "VariableFlipAngleFlag": "N",
      "dBdt": 0.0},
