{
    "AcquisitionTime": "12:02:6.000000",
    "BaseResolution": 128,
    "BodyPartExamined": "BRAIN",
    "ConsistencyInfo": "N4_VE11P_LATEST_20161021",
    "ConversionSoftware": "dcm2niix",
    "ConversionSoftwareVersion": "v1.0.20190410  GCC6.3.0",
    "DeviceSerialNumber": "51066",
    "DoseCalibrationFactor": 18959700.0,
    "ImageComments": "PET_AC",
    "ImageOrientationPatientDICOM": [
        1,
        0,
        0,
        0,
        1,
        0
    ],
    "ImageType": [
        "ORIGINAL",
        "PRIMARY",
        "DYNAMIC",
        "AC"
    ],
    "InstitutionAddress": "Blackburn_Road_770_Clayton_Victoria_AU_3168",
    "InstitutionName": "Monash_Biomedical_Imaging",
    "InstitutionalDepartmentName": "Department",
    "Manufacturer": "Siemens",
    "ManufacturersModelName": "Biograph_mMR",
    "Modality": "PT",
    "PartialFourier": 1,
    "PatientPosition": "HFS",
    "PhaseResolution": 1,
    "ProcedureStepDescription": "MR-PET_Scan",
    "ProtocolName": "_Bol_Inf_Dataset_3rd_16sec_PRR_AC_Images",
    "PulseSequenceDetails": "%SiemensSeq%_PetAcquisition",
    "RadionuclideHalfLife": 6586.2,
    "RadionuclidePositronFraction": 0.97,
    "RadionuclideTotalDose": 242400000.0,
    "ReceiveCoilActiveElements": "HEA;HEP",
    "ReceiveCoilName": "HeadNeck_MRPET",
    "ReconMatrixPE": 344,
    "SeriesDescription": "_Bol_Inf_Dataset_3rd_16sec_PRR_AC_Images",
    "SeriesNumber": 40003,
    "SliceThickness": 2.03125,
    "SoftwareVersions": "syngo_MR_E11",
    "StationName": "MRC51066",
    "TaskName": "rest",
    "TxRefAmp": 348.032,
    "TracerName": "FDG",
    "Units": "Bq/ml",
    "TracerRadionuclide": "F18",
    "ModeOfAdministration": "infusion",
    "InjectedRadioactivityUnits": "Mbq",
    "InjectedMass": -1,
    "InjectedMassUnits": "ug",
    "SpecificRadioactivity": -1,
    "SpecificRadioactivityUnits": "Bq/g",
    "AcquisitionMode": "list mode",
    "ReconMethodName": "PSF-OP-OSEM",
    "ReconMethodParameterLabels": [
        "subsets",
        "iterations"
    ],
    "ReconMethodParameterUnits": [
        "none",
        "none"
    ],
    "ReconMethodParameterValues": [
        21,
        3
    ],
    "AttenuationCorrection": "ute based attenuation correction",
    "ImageDecayCorrected": true,
    "ImageDecayCorrectionTime": 0,
    "ReconFilterSize": [
        5
    ],
    "ReconFilterType": [
        "Gaussian"
    ],
    "InjectedVolume": 54,
    "InfusionSpeed": 36,
    "InfusionSpeedUnits": "mL/hr",
    "TimeZero": "11:08:46",
    "ScanStart": 3200,
    "FrameTimesStart": [
        0,
        16,
        32,
        48,
        64,
        80,
        96,
        112,
        128,
        144,
        160,
        176,
        192,
        208,
        224,
        240,
        256,
        272,
        288,
        304,
        320,
        336,
        352,
        368,
        384,
        400,
        416,
        432,
        448,
        464,
        480,
        496,
        512,
        528,
        544,
        560,
        576,
        592,
        608,
        624,
        640,
        656,
        672,
        688,
        704,
        720,
        736,
        752,
        768,
        784,
        800,
        816,
        832,
        848,
        864,
        880,
        896,
        912,
        928,
        944,
        960,
        976,
        992,
        1008,
        1024,
        1040,
        1056,
        1072,
        1088,
        1104,
        1120,
        1136,
        1152,
        1168,
        1184,
        1200,
        1216,
        1232,
        1248,
        1264,
        1280,
        1296,
        1312,
        1328,
        1344,
        1360,
        1376,
        1392,
        1408,
        1424,
        1440,
        1456,
        1472,
        1488,
        1504,
        1520,
        1536,
        1552,
        1568,
        1584,
        1600,
        1616,
        1632,
        1648,
        1664,
        1680,
        1696,
        1712,
        1728,
        1744,
        1760,
        1776,
        1792,
        1808,
        1824,
        1840,
        1856,
        1872,
        1888,
        1904,
        1920,
        1936,
        1952,
        1968,
        1984,
        2000,
        2016,
        2032,
        2048,
        2064,
        2080,
        2096,
        2112,
        2128,
        2144,
        2160,
        2176,
        2192,
        2208,
        2224,
        2240,
        2256,
        2272,
        2288,
        2304,
        2320,
        2336,
        2352,
        2368,
        2384,
        2400,
        2416,
        2432,
        2448,
        2464,
        2480,
        2496,
        2512,
        2528,
        2544,
        2560,
        2576,
        2592,
        2608,
        2624,
        2640,
        2656,
        2672,
        2688,
        2704,
        2720,
        2736,
        2752,
        2768,
        2784,
        2800,
        2816,
        2832,
        2848,
        2864,
        2880,
        2896,
        2912,
        2928,
        2944,
        2960,
        2976,
        2992,
        3008,
        3024,
        3040,
        3056,
        3072,
        3088,
        3104,
        3120,
        3136,
        3152,
        3168,
        3184,
        3200,
        3216,
        3232,
        3248,
        3264,
        3280,
        3296,
        3312,
        3328,
        3344,
        3360,
        3376,
        3392,
        3408,
        3424,
        3440,
        3456,
        3472,
        3488,
        3504,
        3520,
        3536,
        3552,
        3568,
        3584,
        3600,
        3616,
        3632,
        3648,
        3664,
        3680,
        3696,
        3712,
        3728,
        3744,
        3760,
        3776,
        3792,
        3808,
        3824,
        3840,
        3856,
        3872,
        3888,
        3904,
        3920,
        3936,
        3952,
        3968,
        3984,
        4000,
        4016,
        4032,
        4048,
        4064,
        4080,
        4096,
        4112,
        4128,
        4144,
        4160,
        4176,
        4192,
        4208,
        4224,
        4240,
        4256,
        4272,
        4288,
        4304,
        4320,
        4336,
        4352,
        4368,
        4384,
        4400,
        4416,
        4432,
        4448,
        4464,
        4480,
        4496,
        4512,
        4528,
        4544,
        4560,
        4576,
        4592,
        4608,
        4624,
        4640,
        4656,
        4672,
        4688,
        4704,
        4720,
        4736,
        4752,
        4768,
        4784,
        4800,
        4816,
        4832,
        4848,
        4864,
        4880,
        4896,
        4912,
        4928,
        4944,
        4960,
        4976,
        4992,
        5008,
        5024,
        5040,
        5056,
        5072,
        5088,
        5104,
        5120,
        5136,
        5152,
        5168,
        5184,
        5200,
        5216,
        5232,
        5248,
        5264,
        5280,
        5296,
        5312,
        5328,
        5344,
        5360,
        5376,
        5392,
        5408,
        5424
    ],
    "FrameDuration": [
        16,
        16,
        16,
        16,
        16,
        16,
        16,
        16,
        16,
        16,
        16,
        16,
        16,
        16,
        16,
        16,
        16,
        16,
        16,
        16,
        16,
        16,
        16,
        16,
        16,
        16,
        16,
        16,
        16,
        16,
        16,
        16,
        16,
        16,
        16,
        16,
        16,
        16,
        16,
        16,
        16,
        16,
        16,
        16,
        16,
        16,
        16,
        16,
        16,
        16,
        16,
        16,
        16,
        16,
        16,
        16,
        16,
        16,
        16,
        16,
        16,
        16,
        16,
        16,
        16,
        16,
        16,
        16,
        16,
        16,
        16,
        16,
        16,
        16,
        16,
        16,
        16,
        16,
        16,
        16,
        16,
        16,
        16,
        16,
        16,
        16,
        16,
        16,
        16,
        16,
        16,
        16,
        16,
        16,
        16,
        16,
        16,
        16,
        16,
        16,
        16,
        16,
        16,
        16,
        16,
        16,
        16,
        16,
        16,
        16,
        16,
        16,
        16,
        16,
        16,
        16,
        16,
        16,
        16,
        16,
        16,
        16,
        16,
        16,
        16,
        16,
        16,
        16,
        16,
        16,
        16,
        16,
        16,
        16,
        16,
        16,
        16,
        16,
        16,
        16,
        16,
        16,
        16,
        16,
        16,
        16,
        16,
        16,
        16,
        16,
        16,
        16,
        16,
        16,
        16,
        16,
        16,
        16,
        16,
        16,
        16,
        16,
        16,
        16,
        16,
        16,
        16,
        16,
        16,
        16,
        16,
        16,
        16,
        16,
        16,
        16,
        16,
        16,
        16,
        16,
        16,
        16,
        16,
        16,
        16,
        16,
        16,
        16,
        16,
        16,
        16,
        16,
        16,
        16,
        16,
        16,
        16,
        16,
        16,
        16,
        16,
        16,
        16,
        16,
        16,
        16,
        16,
        16,
        16,
        16,
        16,
        16,
        16,
        16,
        16,
        16,
        16,
        16,
        16,
        16,
        16,
        16,
        16,
        16,
        16,
        16,
        16,
        16,
        16,
        16,
        16,
        16,
        16,
        16,
        16,
        16,
        16,
        16,
        16,
        16,
        16,
        16,
        16,
        16,
        16,
        16,
        16,
        16,
        16,
        16,
        16,
        16,
        16,
        16,
        16,
        16,
        16,
        16,
        16,
        16,
        16,
        16,
        16,
        16,
        16,
        16,
        16,
        16,
        16,
        16,
        16,
        16,
        16,
        16,
        16,
        16,
        16,
        16,
        16,
        16,
        16,
        16,
        16,
        16,
        16,
        16,
        16,
        16,
        16,
        16,
        16,
        16,
        16,
        16,
        16,
        16,
        16,
        16,
        16,
        16,
        16,
        16,
        16,
        16,
        16,
        16,
        16,
        16,
        16,
        16,
        16,
        16,
        16,
        16,
        16,
        16,
        16,
        16,
        16,
        16,
        16,
        16,
        16,
        16,
        16,
        16,
        16,
        16,
        16,
        16,
        16,
        16,
        16,
        16,
        16,
        16,
        16,
        16,
        16,
        16
    ],
    "InjectionStart": 37,
    "InjectedRadioactivity": 242.4,
    "InfusionStart": 37,
    "InfusionRadioactivity": 242.4
}