{
  "AcquisitionTime": "14:30:4.000000",
  "BaseResolution": 128,
  "BodyPartExamined": "BRAIN",
  "ConsistencyInfo": "N4_VE11P_LATEST_20161021",
  "ConversionSoftware": "dcm2niix",
  "ConversionSoftwareVersion": "v1.0.20190410  GCC6.3.0",
  "DeviceSerialNumber": "51066",
  "DoseCalibrationFactor": 18963500.0,
  "ImageComments": "PET_AC",
  "ImageOrientationPatientDICOM": [1, 0, 0, 0, 1, 0],
  "ImageType": [
    "ORIGINAL",
    "PRIMARY",
    "DYNAMIC",
    "AC"
],
  "InstitutionAddress": "Blackburn_Road_770_Clayton_Victoria_AU_3168",
  "InstitutionName": "Monash_Biomedical_Imaging",
  "InstitutionalDepartmentName": "Department",
  "Manufacturer": "Siemens",
  "ManufacturersModelName": "Biograph_mMR",
  "Modality": "PT",
  "PartialFourier": 1,
  "PatientPosition": "HFS",
  "PhaseResolution": 1,
  "ProcedureStepDescription": "MR-PET_Scan",
  "ProtocolName": "_Bol_Inf_DataSet_2nd_set_PRR_AC_Images",
  "PulseSequenceDetails": "%SiemensSeq%_PetAcquisition",
  "RadionuclideHalfLife": 6586.2,
  "RadionuclidePositronFraction": 0.97,
  "RadionuclideTotalDose": 272000000.0,
  "ReceiveCoilActiveElements": "HEA;HEP",
  "ReceiveCoilName": "HeadNeck_MRPET",
  "ReconMatrixPE": 344,
  "SeriesDescription": "_Bol_Inf_DataSet_2nd_set_PRR_AC_Images",
  "SeriesNumber": 40002,
  "SliceThickness": 2.03125,
  "SoftwareVersions": "syngo_MR_E11",
  "StationName": "MRC51066",
  "TaskName": "checkerboard",
  "TxRefAmp": 348.032}